NUGET
  remote: https://www.nuget.org/api/v2
  specs:
    IntelliFactory.Xml (0.6.63.95)
    Microsoft.Owin (3.0.1)
      Owin (>= 1.0)
    Microsoft.Owin.Diagnostics (3.0.1)
      Microsoft.Owin (>= 3.0.1)
      Owin (>= 1.0)
    Microsoft.Owin.FileSystems (3.0.1)
    Microsoft.Owin.Host.HttpListener (3.0.1)
    Microsoft.Owin.Hosting (3.0.1)
      Microsoft.Owin (>= 3.0.1)
      Owin (>= 1.0)
    Microsoft.Owin.SelfHost (3.0.1)
      Microsoft.Owin (>= 3.0.1)
      Microsoft.Owin.Diagnostics (>= 3.0.1)
      Microsoft.Owin.Host.HttpListener (>= 3.0.1)
      Microsoft.Owin.Hosting (>= 3.0.1)
      Owin (>= 1.0)
    Microsoft.Owin.StaticFiles (3.0.1)
      Microsoft.Owin (>= 3.0.1)
      Microsoft.Owin.FileSystems (>= 3.0.1)
      Owin (>= 1.0)
    Owin (1.0)
    WebSharper (3.6.10.230)
    WebSharper.Compiler (3.6.10.230)
      WebSharper (>= 3.6.10.230)
    WebSharper.Html (3.6.8.20)
      IntelliFactory.Xml (>= 0.6.63.95)
      WebSharper (>= 3.6.9.229)
    WebSharper.Owin (3.6.9.124)
      Microsoft.Owin (>= 3.0.1)
      Owin (>= 1.0.0)
      WebSharper (>= 3.6.9.229)
    WebSharper.UI.Next (3.6.8.204)
      WebSharper (>= 3.6.9.229)
    WebSharper.Warp (3.6.13.93)
      Microsoft.Owin (>= 3.0.1)
      Microsoft.Owin.Diagnostics (>= 3.0.1)
      Microsoft.Owin.FileSystems (>= 3.0.1)
      Microsoft.Owin.Host.HttpListener (>= 3.0.1)
      Microsoft.Owin.Hosting (>= 3.0.1)
      Microsoft.Owin.SelfHost (>= 3.0.1)
      Microsoft.Owin.StaticFiles (>= 3.0.1)
      Owin (>= 1.0.0)
      WebSharper (>= 3.6.9.229)
      WebSharper.Compiler (>= 3.6.9.229)
      WebSharper.Html (>= 3.6.8.20)
      WebSharper.Owin (>= 3.6.9.124)
      WebSharper.UI.Next (>= 3.6.8.204)
